GEM
  remote: http://rubygems.org/
  specs:
    activemodel (3.0.3)
      activesupport (= 3.0.3)
      builder (~> 2.1.2)
      i18n (~> 0.4)
    activerecord (3.0.3)
      activemodel (= 3.0.3)
      activesupport (= 3.0.3)
      arel (~> 2.0.2)
      tzinfo (~> 0.3.23)
    activesupport (3.0.3)
    archive-tar-minitar (0.5.2)
    arel (2.0.3)
    builder (2.1.2)
    chronic (0.3.0)
    columnize (0.3.2)
    delorean (0.2.0)
      chronic
    factory_girl (1.3.2)
    git (1.2.5)
    i18n (0.4.2)
    jeweler (1.5.1)
      bundler (~> 1.0.0)
      git (>= 1.2.5)
      rake
    linecache (0.43)
    linecache19 (0.5.11)
      ruby_core_source (>= 0.1.4)
    mysql (2.8.1)
    mysql2 (0.2.6)
    pg (0.9.0)
    rake (0.8.7)
    ruby-debug (0.10.4)
      columnize (>= 0.1)
      ruby-debug-base (~> 0.10.4.0)
    ruby-debug-base (0.10.4)
      linecache (>= 0.3)
    ruby-debug-base19 (0.11.24)
      columnize (>= 0.3.1)
      linecache19 (>= 0.5.11)
      ruby_core_source (>= 0.1.4)
    ruby-debug19 (0.11.6)
      columnize (>= 0.3.1)
      linecache19 (>= 0.5.11)
      ruby-debug-base19 (>= 0.11.19)
    ruby_core_source (0.1.4)
      archive-tar-minitar (>= 0.5.2)
    sqlite3-ruby (1.3.2)
    tzinfo (0.3.23)

PLATFORMS
  ruby

DEPENDENCIES
  activerecord (~> 3.0.0)
  delorean (>= 0.2.0)
  factory_girl (>= 1.3.2)
  jeweler (>= 1.4.0)
  mysql (>= 2.8.1)
  mysql2 (>= 0.2.4)
  pg (>= 0.9.0)
  ruby-debug (>= 0.9.3)
  ruby-debug19
  sqlite3-ruby (>= 1.3.1)
