GEM
  remote: http://rubygems.org/
  specs:
    activemodel (3.0.7)
      activesupport (= 3.0.7)
      builder (~> 2.1.2)
      i18n (~> 0.5.0)
    activerecord (3.0.7)
      activemodel (= 3.0.7)
      activesupport (= 3.0.7)
      arel (~> 2.0.2)
      tzinfo (~> 0.3.23)
    activesupport (3.0.7)
    archive-tar-minitar (0.5.2)
    arel (2.0.9)
    builder (2.1.2)
    chronic (0.3.0)
    columnize (0.3.2)
    delorean (0.2.1)
      chronic
    factory_girl (1.3.3)
    git (1.2.5)
    i18n (0.5.0)
    jeweler (1.6.0)
      bundler (~> 1.0.0)
      git (>= 1.2.5)
      rake
    linecache19 (0.5.12)
      ruby_core_source (>= 0.1.4)
    mysql (2.8.1)
    mysql2 (0.2.7)
    pg (0.9.0)
    rake (0.8.7)
    ruby-debug (0.9.3)
      ruby-debug-base (= 0.9.3)
    ruby-debug-base (0.9.3)
    ruby-debug-base19 (0.11.25)
      columnize (>= 0.3.1)
      linecache19 (>= 0.5.11)
      ruby_core_source (>= 0.1.4)
    ruby-debug19 (0.11.6)
      columnize (>= 0.3.1)
      linecache19 (>= 0.5.11)
      ruby-debug-base19 (>= 0.11.19)
    ruby_core_source (0.1.5)
      archive-tar-minitar (>= 0.5.2)
    sqlite3 (1.3.3)
    sqlite3-ruby (1.3.3)
      sqlite3 (>= 1.3.3)
    tzinfo (0.3.27)

PLATFORMS
  ruby

DEPENDENCIES
  activerecord (~> 3.0.0)
  delorean (~> 0.2.0)
  factory_girl (~> 1.3.3)
  jeweler (>= 1.4.0)
  mysql (~> 2.8.1)
  mysql2 (~> 0.2.4)
  pg (~> 0.9.0)
  rake
  ruby-debug (~> 0.9.3)
  ruby-debug19
  sqlite3-ruby (~> 1.3.1)
